GEM
  remote: https://rubygems.org/
  specs:
    actioncable (7.0.4.3)
      actionpack (= 7.0.4.3)
      activesupport (= 7.0.4.3)
      nio4r (~> 2.0)
      websocket-driver (>= 0.6.1)
    actionmailbox (7.0.4.3)
      actionpack (= 7.0.4.3)
      activejob (= 7.0.4.3)
      activerecord (= 7.0.4.3)
      activestorage (= 7.0.4.3)
      activesupport (= 7.0.4.3)
      mail (>= 2.7.1)
      net-imap
      net-pop
      net-smtp
    actionmailer (7.0.4.3)
      actionpack (= 7.0.4.3)
      actionview (= 7.0.4.3)
      activejob (= 7.0.4.3)
      activesupport (= 7.0.4.3)
      mail (~> 2.5, >= 2.5.4)
      net-imap
      net-pop
      net-smtp
      rails-dom-testing (~> 2.0)
    actionpack (7.0.4.3)
      actionview (= 7.0.4.3)
      activesupport (= 7.0.4.3)
      rack (~> 2.0, >= 2.2.0)
      rack-test (>= 0.6.3)
      rails-dom-testing (~> 2.0)
      rails-html-sanitizer (~> 1.0, >= 1.2.0)
    actiontext (7.0.4.3)
      actionpack (= 7.0.4.3)
      activerecord (= 7.0.4.3)
      activestorage (= 7.0.4.3)
      activesupport (= 7.0.4.3)
      globalid (>= 0.6.0)
      nokogiri (>= 1.8.5)
    actionview (7.0.4.3)
      activesupport (= 7.0.4.3)
      builder (~> 3.1)
      erubi (~> 1.4)
      rails-dom-testing (~> 2.0)
      rails-html-sanitizer (~> 1.1, >= 1.2.0)
    activejob (7.0.4.3)
      activesupport (= 7.0.4.3)
      globalid (>= 0.3.6)
    activemodel (7.0.4.3)
      activesupport (= 7.0.4.3)
    activerecord (7.0.4.3)
      activemodel (= 7.0.4.3)
      activesupport (= 7.0.4.3)
    activestorage (7.0.4.3)
      actionpack (= 7.0.4.3)
      activejob (= 7.0.4.3)
      activerecord (= 7.0.4.3)
      activesupport (= 7.0.4.3)
      marcel (~> 1.0)
      mini_mime (>= 1.1.0)
    activesupport (7.0.4.3)
      concurrent-ruby (~> 1.0, >= 1.0.2)
      i18n (>= 1.6, < 2)
      minitest (>= 5.1)
      tzinfo (~> 2.0)
    addressable (2.8.1)
      public_suffix (>= 2.0.2, < 6.0)
    ast (2.4.2)
    bootsnap (1.16.0)
      msgpack (~> 1.2)
    brakeman (5.2.3)
    builder (3.2.4)
    byebug (11.1.3)
    capybara (3.38.0)
      addressable
      matrix
      mini_mime (>= 0.1.3)
      nokogiri (~> 1.8)
      rack (>= 1.6.0)
      rack-test (>= 0.6.3)
      regexp_parser (>= 1.5, < 3.0)
      xpath (~> 3.2)
    childprocess (4.1.0)
    coderay (1.1.3)
    concurrent-ruby (1.2.2)
    crack (0.4.5)
      rexml
    crass (1.0.6)
    dalli (3.2.4)
    date (3.3.3)
    declarative (0.0.20)
    diff-lcs (1.5.0)
    docile (1.4.0)
    domain_name (0.5.20190701)
      unf (>= 0.0.5, < 1.0.0)
    erubi (1.12.0)
    execjs (2.8.1)
    faraday (2.3.0)
      faraday-net_http (~> 2.0)
      ruby2_keywords (>= 0.0.4)
    faraday-net_http (2.0.2)
    ffi (1.15.5)
    gds-api-adapters (87.0.0)
      addressable
      link_header
      null_logger
      plek (>= 1.9.0)
      rest-client (~> 2.0)
    gems (1.2.0)
    globalid (1.1.0)
      activesupport (>= 5.0)
    google-api-client (0.53.0)
      google-apis-core (~> 0.1)
      google-apis-generator (~> 0.1)
    google-apis-core (0.5.0)
      addressable (~> 2.5, >= 2.5.1)
      googleauth (>= 0.16.2, < 2.a)
      httpclient (>= 2.8.1, < 3.a)
      mini_mime (~> 1.0)
      representable (~> 3.0)
      retriable (>= 2.0, < 4.a)
      rexml
      webrick
    google-apis-discovery_v1 (0.8.0)
      google-apis-core (>= 0.4, < 2.a)
    google-apis-generator (0.4.1)
      activesupport (>= 5.0)
      gems (~> 1.2)
      google-apis-core (>= 0.4, < 2.a)
      google-apis-discovery_v1 (~> 0.5)
      thor (>= 0.20, < 2.a)
    googleauth (1.1.3)
      faraday (>= 0.17.3, < 3.a)
      jwt (>= 1.4, < 3.0)
      memoist (~> 0.16)
      multi_json (~> 1.11)
      os (>= 0.9, < 2.0)
      signet (>= 0.16, < 2.a)
    govuk_app_config (7.2.1)
      logstasher (~> 2.1)
      plek (>= 4, < 6)
      prometheus_exporter (~> 2.0)
      puma (>= 5.6, < 7.0)
      rack-proxy (~> 0.7)
      sentry-rails (~> 5.3)
      sentry-ruby (~> 5.3)
      statsd-ruby (~> 1.5)
    govuk_personalisation (0.13.0)
      plek (>= 1.9.0)
      rails (>= 6, < 8)
    govuk_publishing_components (35.3.5)
      govuk_app_config
      govuk_personalisation (>= 0.7.0)
      kramdown
      plek
      rails (>= 6)
      rouge
      sprockets (>= 3)
    govuk_schemas (4.5.0)
      json-schema (>= 2.8, < 3.1)
    govuk_test (3.0.1)
      brakeman (>= 5.0.2)
      capybara (>= 3.36)
      puma
      selenium-webdriver (>= 4.0)
    hashdiff (1.0.1)
    http-accept (1.7.0)
    http-cookie (1.0.5)
      domain_name (~> 0.5)
    httpclient (2.8.3)
    i18n (1.13.0)
      concurrent-ruby (~> 1.0)
    invalid_utf8_rejector (0.0.4)
    json (2.6.3)
    json-schema (3.0.0)
      addressable (>= 2.8)
    jwt (2.5.0)
    kramdown (2.4.0)
      rexml
    link_header (0.0.8)
    logstasher (2.1.5)
      activesupport (>= 5.2)
      request_store
    loofah (2.21.2)
      crass (~> 1.0.2)
      nokogiri (>= 1.12.0)
    mail (2.8.1)
      mini_mime (>= 0.1.1)
      net-imap
      net-pop
      net-smtp
    marcel (1.0.2)
    matrix (0.4.2)
    memoist (0.16.2)
    method_source (1.0.0)
    mime-types (3.4.1)
      mime-types-data (~> 3.2015)
    mime-types-data (3.2023.0218.1)
    mini_mime (1.1.2)
    mini_portile2 (2.8.2)
    minitest (5.18.0)
    msgpack (1.6.0)
    multi_json (1.15.0)
    net-imap (0.3.4)
      date
      net-protocol
    net-pop (0.1.2)
      net-protocol
    net-protocol (0.2.1)
      timeout
    net-smtp (0.3.3)
      net-protocol
    netrc (0.11.0)
    nio4r (2.5.9)
    nokogiri (1.14.4)
      mini_portile2 (~> 2.8.0)
      racc (~> 1.4)
    notifications-ruby-client (5.4.0)
      jwt (>= 1.5, < 3)
    null_logger (0.0.1)
    os (1.1.4)
    parallel (1.22.1)
    parser (3.2.0.0)
      ast (~> 2.4.1)
    plek (5.0.0)
    prometheus_exporter (2.0.8)
      webrick
    pry (0.14.1)
      coderay (~> 1.1)
      method_source (~> 1.0)
    pry-byebug (3.10.1)
      byebug (~> 11.0)
      pry (>= 0.13, < 0.15)
    public_suffix (5.0.1)
    puma (6.2.2)
      nio4r (~> 2.0)
    racc (1.6.2)
    rack (2.2.7)
    rack-attack (6.6.1)
      rack (>= 1.0, < 3)
    rack-proxy (0.7.6)
      rack
    rack-test (2.1.0)
      rack (>= 1.3)
    rails (7.0.4.3)
      actioncable (= 7.0.4.3)
      actionmailbox (= 7.0.4.3)
      actionmailer (= 7.0.4.3)
      actionpack (= 7.0.4.3)
      actiontext (= 7.0.4.3)
      actionview (= 7.0.4.3)
      activejob (= 7.0.4.3)
      activemodel (= 7.0.4.3)
      activerecord (= 7.0.4.3)
      activestorage (= 7.0.4.3)
      activesupport (= 7.0.4.3)
      bundler (>= 1.15.0)
      railties (= 7.0.4.3)
    rails-controller-testing (1.0.5)
      actionpack (>= 5.0.1.rc1)
      actionview (>= 5.0.1.rc1)
      activesupport (>= 5.0.1.rc1)
    rails-dom-testing (2.0.3)
      activesupport (>= 4.2.0)
      nokogiri (>= 1.6)
    rails-html-sanitizer (1.5.0)
      loofah (~> 2.19, >= 2.19.1)
    railties (7.0.4.3)
      actionpack (= 7.0.4.3)
      activesupport (= 7.0.4.3)
      method_source
      rake (>= 12.2)
      thor (~> 1.0)
      zeitwerk (~> 2.5)
    rainbow (3.1.1)
    rake (13.0.6)
    regexp_parser (2.6.2)
    representable (3.2.0)
      declarative (< 0.1.0)
      trailblazer-option (>= 0.1.1, < 0.2.0)
      uber (< 0.2.0)
    request_store (1.5.1)
      rack (>= 1.4)
    rest-client (2.1.0)
      http-accept (>= 1.7.0, < 2.0)
      http-cookie (>= 1.0.2, < 2.0)
      mime-types (>= 1.16, < 4.0)
      netrc (~> 0.8)
    retriable (3.1.2)
    rexml (3.2.5)
    rouge (4.1.1)
    rspec-core (3.12.2)
      rspec-support (~> 3.12.0)
    rspec-expectations (3.12.3)
      diff-lcs (>= 1.2.0, < 2.0)
      rspec-support (~> 3.12.0)
    rspec-mocks (3.12.5)
      diff-lcs (>= 1.2.0, < 2.0)
      rspec-support (~> 3.12.0)
    rspec-rails (6.0.2)
      actionpack (>= 6.1)
      activesupport (>= 6.1)
      railties (>= 6.1)
      rspec-core (~> 3.12)
      rspec-expectations (~> 3.12)
      rspec-mocks (~> 3.12)
      rspec-support (~> 3.12)
    rspec-support (3.12.0)
    rubocop (1.44.1)
      json (~> 2.3)
      parallel (~> 1.10)
      parser (>= 3.2.0.0)
      rainbow (>= 2.2.2, < 4.0)
      regexp_parser (>= 1.8, < 3.0)
      rexml (>= 3.2.5, < 4.0)
      rubocop-ast (>= 1.24.1, < 2.0)
      ruby-progressbar (~> 1.7)
      unicode-display_width (>= 2.4.0, < 3.0)
    rubocop-ast (1.24.1)
      parser (>= 3.1.1.0)
    rubocop-capybara (2.17.0)
      rubocop (~> 1.41)
    rubocop-govuk (4.10.0)
      rubocop (= 1.44.1)
      rubocop-ast (= 1.24.1)
      rubocop-rails (= 2.17.4)
      rubocop-rake (= 0.6.0)
      rubocop-rspec (= 2.18.1)
    rubocop-rails (2.17.4)
      activesupport (>= 4.2.0)
      rack (>= 1.1)
      rubocop (>= 1.33.0, < 2.0)
    rubocop-rake (0.6.0)
      rubocop (~> 1.0)
    rubocop-rspec (2.18.1)
      rubocop (~> 1.33)
      rubocop-capybara (~> 2.17)
    ruby-progressbar (1.11.0)
    ruby2_keywords (0.0.5)
    rubyzip (2.3.2)
    sassc (2.4.0)
      ffi (~> 1.9)
    sassc-rails (2.1.2)
      railties (>= 4.0.0)
      sassc (>= 2.0)
      sprockets (> 3.0)
      sprockets-rails
      tilt
    selenium-webdriver (4.1.0)
      childprocess (>= 0.5, < 5.0)
      rexml (~> 3.2, >= 3.2.5)
      rubyzip (>= 1.2.2)
    sentry-rails (5.9.0)
      railties (>= 5.0)
      sentry-ruby (~> 5.9.0)
    sentry-ruby (5.9.0)
      concurrent-ruby (~> 1.0, >= 1.0.2)
    shoulda-matchers (5.3.0)
      activesupport (>= 5.2.0)
    signet (0.16.1)
      addressable (~> 2.8)
      faraday (>= 0.17.5, < 3.0)
      jwt (>= 1.5, < 3.0)
      multi_json (~> 1.10)
    simplecov (0.22.0)
      docile (~> 1.1)
      simplecov-html (~> 0.11)
      simplecov_json_formatter (~> 0.1)
    simplecov-html (0.12.3)
    simplecov_json_formatter (0.1.4)
    simpleidn (0.2.1)
      unf (~> 0.1.4)
    slimmer (18.1.0)
      json
      nokogiri (~> 1.7)
      null_logger
      plek (>= 1.1.0)
      rack
      rest-client
    sprockets (4.2.0)
      concurrent-ruby (~> 1.0)
      rack (>= 2.2.4, < 4)
    sprockets-rails (3.4.2)
      actionpack (>= 5.2)
      activesupport (>= 5.2)
      sprockets (>= 3.0.0)
    statsd-ruby (1.5.0)
    thor (1.2.2)
    tilt (2.0.10)
    timeout (0.3.2)
    trailblazer-option (0.1.2)
    tzinfo (2.0.6)
      concurrent-ruby (~> 1.0)
    uber (0.1.0)
    uglifier (4.2.0)
      execjs (>= 0.3.0, < 3)
    unf (0.1.4)
      unf_ext
    unf_ext (0.0.8.2)
    unicode-display_width (2.4.2)
    valid_email (0.1.4)
      activemodel
      mail (>= 2.6.1)
      simpleidn
    webmock (3.18.1)
      addressable (>= 2.8.0)
      crack (>= 0.3.2)
      hashdiff (>= 0.4.0, < 2.0.0)
    webrick (1.8.1)
    websocket-driver (0.7.5)
      websocket-extensions (>= 0.1.0)
    websocket-extensions (0.1.5)
    xpath (3.2.0)
      nokogiri (~> 1.8)
    zeitwerk (2.6.8)

PLATFORMS
  ruby

DEPENDENCIES
  bootsnap
  dalli
  gds-api-adapters
  google-api-client
  govuk_app_config
  govuk_publishing_components
  govuk_schemas
  govuk_test
  invalid_utf8_rejector
  notifications-ruby-client
  plek
  pry-byebug
  rack-attack
  rails (= 7.0.4.3)
  rails-controller-testing
  rspec-rails
  rubocop-govuk
  sassc-rails
  shoulda-matchers
  simplecov
  slimmer
  sprockets-rails
  uglifier
  valid_email
  webmock

BUNDLED WITH
   2.4.13
