GEM
  remote: https://rubygems.org/
  remote: https://BnrJb6FZyzspBboNJzYZ@gem.fury.io/govuk/
  specs:
    PriorityQueue (0.1.2)
    actionmailer (3.2.13)
      actionpack (= 3.2.13)
      mail (~> 2.5.3)
    actionpack (3.2.13)
      activemodel (= 3.2.13)
      activesupport (= 3.2.13)
      builder (~> 3.0.0)
      erubis (~> 2.7.0)
      journey (~> 1.0.4)
      rack (~> 1.4.5)
      rack-cache (~> 1.2)
      rack-test (~> 0.6.1)
      sprockets (~> 2.2.1)
    activemodel (3.2.13)
      activesupport (= 3.2.13)
      builder (~> 3.0.0)
    activerecord (3.2.13)
      activemodel (= 3.2.13)
      activesupport (= 3.2.13)
      arel (~> 3.0.2)
      tzinfo (~> 0.3.29)
    activeresource (3.2.13)
      activemodel (= 3.2.13)
      activesupport (= 3.2.13)
    activesupport (3.2.13)
      i18n (= 0.6.1)
      multi_json (~> 1.0)
    addressable (2.3.2)
    arel (3.0.2)
    aws-ses (0.4.4)
      builder
      mail (> 2.2.5)
      mime-types
      xml-simple
    builder (3.0.4)
    capybara (1.1.2)
      mime-types (>= 1.16)
      nokogiri (>= 1.3.3)
      rack (>= 1.0.0)
      rack-test (>= 0.5.4)
      selenium-webdriver (~> 2.0)
      xpath (~> 0.1.4)
    childprocess (0.3.5)
      ffi (~> 1.0, >= 1.0.6)
    crack (0.3.1)
    diff-lcs (1.1.3)
    erubis (2.7.0)
    eventmachine (1.0.0)
    exception_notification (3.0.1)
      actionmailer (>= 3.0.4)
    execjs (1.4.0)
      multi_json (~> 1.0)
    faraday (0.8.7)
      multipart-post (~> 1.1)
    faraday_middleware (0.9.0)
      faraday (>= 0.7.4, < 0.9)
    faye-websocket (0.4.6)
      eventmachine (>= 0.12.0)
    ffi (1.1.5)
    govuk_frontend_toolkit (0.6.2)
      rails (>= 3.1.0)
      sass (>= 3.2.0)
    hashie (2.0.5)
    hike (1.2.2)
    http_parser.rb (0.5.3)
    i18n (0.6.1)
    inflection (1.0.0)
    journey (1.0.4)
    json (1.8.0)
    kgio (2.7.4)
    libwebsocket (0.1.5)
      addressable
    lrucache (0.1.4)
      PriorityQueue (~> 0.1.2)
    mail (2.5.4)
      mime-types (~> 1.16)
      treetop (~> 1.4.8)
    mime-types (1.23)
    multi_json (1.7.3)
    multipart-post (1.2.0)
    nokogiri (1.5.5)
    null_logger (0.0.1)
    plek (1.1.0)
      builder
    poltergeist (0.7.0)
      capybara (~> 1.1)
      childprocess (~> 0.3)
      faye-websocket (~> 0.4, >= 0.4.4)
      http_parser.rb (~> 0.5.3)
      multi_json (~> 1.0)
    polyglot (0.3.3)
    rack (1.4.5)
    rack-cache (1.2)
      rack (>= 0.4)
    rack-ssl (1.3.3)
      rack
    rack-test (0.6.2)
      rack (>= 1.0)
    rails (3.2.13)
      actionmailer (= 3.2.13)
      actionpack (= 3.2.13)
      activerecord (= 3.2.13)
      activeresource (= 3.2.13)
      activesupport (= 3.2.13)
      bundler (~> 1.0)
      railties (= 3.2.13)
    railties (3.2.13)
      actionpack (= 3.2.13)
      activesupport (= 3.2.13)
      rack-ssl (~> 1.3.2)
      rake (>= 0.8.7)
      rdoc (~> 3.4)
      thor (>= 0.14.6, < 2.0)
    raindrops (0.10.0)
    rake (10.0.3)
    rdoc (3.12.2)
      json (~> 1.4)
    router-client (3.1.0)
      activesupport
      builder
      null_logger
    rspec (2.11.0)
      rspec-core (~> 2.11.0)
      rspec-expectations (~> 2.11.0)
      rspec-mocks (~> 2.11.0)
    rspec-core (2.11.1)
    rspec-expectations (2.11.3)
      diff-lcs (~> 1.1.3)
    rspec-mocks (2.11.3)
    rspec-rails (2.11.0)
      actionpack (>= 3.0)
      activesupport (>= 3.0)
      railties (>= 3.0)
      rspec (~> 2.11.0)
    rubyzip (0.9.9)
    sass (3.2.1)
    sass-rails (3.2.5)
      railties (~> 3.2.0)
      sass (>= 3.1.10)
      tilt (~> 1.3)
    selenium-webdriver (2.25.0)
      childprocess (>= 0.2.5)
      libwebsocket (~> 0.1.3)
      multi_json (~> 1.0)
      rubyzip
    simplecov (0.6.4)
      multi_json (~> 1.0)
      simplecov-html (~> 0.5.3)
    simplecov-html (0.5.3)
    simplecov-rcov (0.2.3)
      simplecov (>= 0.4.1)
    slimmer (3.9.5)
      json
      lrucache (~> 0.1.3)
      nokogiri (~> 1.5.0)
      null_logger
      plek (>= 0.1.8)
      rack (>= 1.3.5)
    sprockets (2.2.2)
      hike (~> 1.2)
      multi_json (~> 1.0)
      rack (~> 1.0)
      tilt (~> 1.1, != 1.3.0)
    thor (0.17.0)
    tilt (1.4.1)
    treetop (1.4.12)
      polyglot
      polyglot (>= 0.3.1)
    tzinfo (0.3.37)
    uglifier (1.3.0)
      execjs (>= 0.3.0)
      multi_json (~> 1.0, >= 1.0.2)
    unicorn (4.3.1)
      kgio (~> 2.6)
      rack
      raindrops (~> 0.7)
    valid_email (0.0.4)
      activemodel
      mail
    webmock (1.8.9)
      addressable (>= 2.2.7)
      crack (>= 0.1.7)
    xml-simple (1.1.1)
    xpath (0.1.4)
      nokogiri (~> 1.3)
    zendesk_api (0.4.0.rc1)
      faraday (>= 0.8.0)
      faraday_middleware (>= 0.8.7)
      hashie (>= 1.2)
      inflection
      mime-types
      multi_json
      multipart-post

PLATFORMS
  ruby

DEPENDENCIES
  aws-ses
  capybara (= 1.1.2)
  exception_notification (= 3.0.1)
  govuk_frontend_toolkit (= 0.6.2)
  plek (= 1.1.0)
  poltergeist (= 0.7.0)
  rails (= 3.2.13)
  router-client (= 3.1.0)
  rspec-rails (= 2.11.0)
  sass (= 3.2.1)
  sass-rails (~> 3.2.3)
  simplecov (= 0.6.4)
  simplecov-rcov (= 0.2.3)
  slimmer (= 3.9.5)
  uglifier (>= 1.0.3)
  unicorn (= 4.3.1)
  valid_email (= 0.0.4)
  webmock (= 1.8.9)
  zendesk_api (= 0.4.0.rc1)
